GEM
  remote: https://rubygems.org/
  specs:
    rake (12.3.2)
    rake-compiler (1.0.5)
      rake

PLATFORMS
  ruby

DEPENDENCIES
  rake-compiler

BUNDLED WITH
   1.16.2
