GEM
  remote: https://rubygems.org/
  specs:
    minitest (5.14.0)
    rake (13.0.1)
    rake-compiler (1.1.0)
      rake

PLATFORMS
  ruby

DEPENDENCIES
  minitest
  rake (>= 12.3.3)
  rake-compiler

BUNDLED WITH
   1.17.3
